GEM
  remote: https://rubygems.org/
  specs:
    backports (3.23.0)
    erubis (2.7.0)
    fileutils (1.6.0)
    minitest (5.16.1)
    multi_json (1.15.0)
    rack (1.6.13)
    rack-protection (1.5.5)
      rack
    rack-test (1.1.0)
      rack (>= 1.0, < 3)
    redcarpet (3.5.1)
    sinatra (1.4.8)
      rack (~> 1.5)
      rack-protection (~> 1.4)
      tilt (>= 1.3, < 3)
    sinatra-contrib (1.4.7)
      backports (>= 2.0)
      multi_json
      rack-protection
      rack-test
      sinatra (~> 1.4.0)
      tilt (>= 1.3, < 3)
    tilt (2.0.10)
    webrick (1.7.0)

PLATFORMS
  ruby

DEPENDENCIES
  erubis
  fileutils
  minitest
  redcarpet
  sinatra (~> 1.4.7)
  sinatra-contrib
  webrick

RUBY VERSION
   ruby 3.1.2p20

BUNDLED WITH
   1.17.3
